GEM
  remote: https://rubygems.org/
  specs:
    actionmailer (3.2.22.5)
      actionpack (= 3.2.22.5)
      mail (~> 2.5.4)
    actionpack (3.2.22.5)
      activemodel (= 3.2.22.5)
      activesupport (= 3.2.22.5)
      builder (~> 3.0.0)
      erubis (~> 2.7.0)
      journey (~> 1.0.4)
      rack (~> 1.4.5)
      rack-cache (~> 1.2)
      rack-test (~> 0.6.1)
      sprockets (~> 2.2.1)
    activemodel (3.2.22.5)
      activesupport (= 3.2.22.5)
      builder (~> 3.0.0)
    activerecord (3.2.22.5)
      activemodel (= 3.2.22.5)
      activesupport (= 3.2.22.5)
      arel (~> 3.0.2)
      tzinfo (~> 0.3.29)
    activerecord-jdbc-adapter (1.3.20)
      activerecord (>= 2.2)
    activerecord-jdbcsqlite3-adapter (1.3.20)
      activerecord-jdbc-adapter (~> 1.3.20)
      jdbc-sqlite3 (>= 3.7.2, < 3.9)
    activerecord-oracle_enhanced-adapter (1.4.2)
    activeresource (3.2.22.5)
      activemodel (= 3.2.22.5)
      activesupport (= 3.2.22.5)
    activesupport (3.2.22.5)
      i18n (~> 0.6, >= 0.6.4)
      multi_json (~> 1.0)
    arel (3.0.3)
    builder (3.0.4)
    calendar_date_select (2.0.0)
      rails (>= 3.1)
    cancan (1.6.10)
    climate_control (0.0.3)
      activesupport (>= 3.0)
    cocaine (0.5.3)
      climate_control (>= 0.0.3, < 1.0)
    coffee-rails (3.2.2)
      coffee-script (>= 2.2.0)
      railties (~> 3.2.0)
    coffee-script (2.2.0)
      coffee-script-source
      execjs
    coffee-script-source (1.6.3)
    columnize (0.3.6)
    date_validator (0.7.0)
      activemodel (>= 3)
    erubis (2.7.0)
    execjs (2.0.2)
    haml (4.0.4)
      tilt
    hike (1.2.3)
    httparty (0.12.0)
      json (~> 1.8)
      multi_xml (>= 0.5.2)
    i18n (0.8.6)
    jdbc-sqlite3 (3.8.11.2)
    journey (1.0.4)
    jquery-rails (3.0.4)
      railties (>= 3.0, < 5.0)
      thor (>= 0.14, < 2.0)
    jquery-ui-rails (4.1.0)
      railties (>= 3.1.0)
    jruby-jars (1.7.19)
    jruby-rack (1.1.18)
    json (1.8.6-java)
    mail (2.5.5)
      mime-types (~> 1.16)
      treetop (~> 1.4.8)
    mime-types (1.25.1)
    multi_json (1.12.1)
    multi_xml (0.5.5)
    paperclip (2.8.0)
      activerecord (>= 2.3.0)
      activesupport (>= 2.3.2)
      cocaine (>= 0.0.2)
      mime-types
    polyglot (0.3.5)
    rack (1.4.7)
    rack-cache (1.7.0)
      rack (>= 0.4)
    rack-ssl (1.3.4)
      rack
    rack-test (0.6.3)
      rack (>= 1.0)
    rails (3.2.22.5)
      actionmailer (= 3.2.22.5)
      actionpack (= 3.2.22.5)
      activerecord (= 3.2.22.5)
      activeresource (= 3.2.22.5)
      activesupport (= 3.2.22.5)
      bundler (~> 1.0)
      railties (= 3.2.22.5)
    railties (3.2.22.5)
      actionpack (= 3.2.22.5)
      activesupport (= 3.2.22.5)
      rack-ssl (~> 1.3.2)
      rake (>= 0.8.7)
      rdoc (~> 3.4)
      thor (>= 0.14.6, < 2.0)
    rake (12.0.0)
    rdoc (3.12.2)
      json (~> 1.4)
    rest-client (1.6.7)
      mime-types (>= 1.16)
    ruby-debug (0.10.4)
      columnize (>= 0.1)
      ruby-debug-base (~> 0.10.4.0)
    ruby-debug-base (0.10.4-java)
    ruby-plsql (0.5.0)
    rubyzip (1.1.7)
    sass (3.2.12)
    sass-rails (3.2.6)
      railties (~> 3.2.0)
      sass (>= 3.1.10)
      tilt (~> 1.3)
    simple-navigation (3.11.0)
      activesupport (>= 2.3.2)
    sprockets (2.2.3)
      hike (~> 1.2)
      multi_json (~> 1.0)
      rack (~> 1.0)
      tilt (~> 1.1, != 1.3.0)
    therubyrhino (2.0.2)
      therubyrhino_jar (>= 1.7.3)
    therubyrhino_jar (1.7.4)
    thor (0.19.4)
    tilt (1.4.1)
    treetop (1.4.15)
      polyglot
      polyglot (>= 0.3.1)
    tzinfo (0.3.53)
    uglifier (2.4.0)
      execjs (>= 0.3.0)
      json (>= 1.8.0)
    warbler (1.4.9)
      jruby-jars (>= 1.5.6, < 2.0)
      jruby-rack (>= 1.1.1, < 1.3)
      rake (>= 0.9.6)
      rubyzip (>= 0.9, < 1.2)
    will_paginate (3.0.5)
    with_action (1.0.0)
      actionpack

PLATFORMS
  java

DEPENDENCIES
  activerecord-jdbc-adapter (~> 1.3.6)
  activerecord-jdbcsqlite3-adapter
  activerecord-oracle_enhanced-adapter (= 1.4.2)
  calendar_date_select
  cancan
  coffee-rails (~> 3.2.2)
  date_validator
  haml
  httparty
  jquery-rails
  jquery-ui-rails
  jruby-jars (= 1.7.19)
  jruby-rack (= 1.1.18)
  paperclip (~> 2.3)
  rails (= 3.2.22.5)
  rest-client
  ruby-debug
  ruby-plsql
  sass-rails (~> 3.2.6)
  simple-navigation
  therubyrhino
  uglifier (~> 2.4.0)
  warbler (= 1.4.9)
  will_paginate (~> 3.0.pre2)
  with_action

BUNDLED WITH
   1.12.5

